{
	"ConversionSoftware": "dicm2nii.m 20220915",
	"SeriesNumber": 4,
	"SeriesDescription": "",
	"ImageType": ["ORIGINAL", "PRIMARY", "M", "ND", "MOSAIC"],
	"Modality": "MR",
	"AcquisitionDateTime": "20180604152718.525000",
	"TaskName": "NumberComparison",
	"TotalReadoutTime": 0.030705114,
	"SliceTiming": [
		0,
		0.0625,
		0.125,
		0.19,
		0.2525,
		0.315,
		0.3775,
		0.44,
		0.5025,
		0.565,
		0.6275,
		0.69,
		0.7525,
		0.8175,
		0.88,
		0.9425,
		1.005,
		1.0675,
		1.13,
		1.1925,
		1.255,
		1.3175,
		1.38,
		1.4425,
		1.5075,
		1.57,
		1.6325,
		1.695,
		1.7575,
		1.82,
		1.8825,
		1.945,
		2.0075,
		2.07,
		2.135,
		2.1975,
		2.26,
		2.3225,
		2.385,
		2.4475,
		2.51,
		2.5725,
		2.635,
		2.6975,
		2.7625,
		2.825,
		2.8875,
		2.95	],
	"RepetitionTime": 3,
	"ParallelReductionFactorInPlane": 2,
	"ParallelAcquisitionTechnique": "GRAPPA",
	"PhaseEncodingDirection": "j-",
	"EffectiveEchoSpacing": 0.00034500128,
	"EchoTime": 0.03,
	"SliceThickness": 2,
	"FlipAngle": 90,
	"Manufacturer": "SIEMENS",
	"SoftwareVersion": "syngo MR B17",
	"MRAcquisitionType": "2D",
	"InstitutionName": "Instytut Biologii Doswiadczalnej",
	"InstitutionAddress": "Pasteura 3,Warszawa,District,PL,02093",
	"DeviceSerialNumber": "35454",
	"ScanningSequence": "EP",
	"SequenceVariant": "SK",
	"ScanOptions": "PFP\\FS",
	"SequenceName": "*epfid2d1_90"
}
