{
	"ConversionSoftware": "dicm2nii.m 20220915",
	"SeriesNumber": 12,
	"SeriesDescription": "t1_mpr_iso",
	"ImageType": ["ORIGINAL", "PRIMARY", "M", "ND", "NORM"],
	"Modality": "MR",
	"AcquisitionDateTime": "20180605181350.815000",
	"RepetitionTime": 2.53,
	"ParallelReductionFactorInPlane": 2,
	"ParallelAcquisitionTechnique": "GRAPPA",
	"PhaseEncodingDirection": "j-",
	"EchoTime": 0.00332,
	"InversionTime": 1.1,
	"SliceThickness": 1,
	"FlipAngle": 7,
	"Manufacturer": "SIEMENS",
	"SoftwareVersion": "syngo MR B17",
	"MRAcquisitionType": "3D",
	"InstitutionName": "Instytut Biologii Doswiadczalnej",
	"InstitutionAddress": "Pasteura 3,Warszawa,District,PL,02093",
	"DeviceSerialNumber": "35454",
	"ScanningSequence": "GR\\IR",
	"SequenceVariant": "SP\\MP",
	"ScanOptions": "IR",
	"SequenceName": "*tfl3d1_ns"
}
