{
  "BaseResolution" : 90,
  "PhaseResolution" : 1,
  "ProcedureStepDescription" : "HEAD_32ch_GrupaSzwed",
  "SeriesNumber" : 4,
  "TxRefAmp" : 340.291,
  "FlipAngle" : 90,
  "SeriesDescription" : "ep2d_bold_1",
  "ManufacturersModelName" : "TrioTim",
  "RepetitionTime" : 3,
  "PhaseEncodingDirection" : "j-",
  "ConversionSoftware" : "dcm2niix",
  "TotalReadoutTime" : 0.0307051,
  "SequenceName" : "_epfid2d1_90",
  "StationName" : "MRC35454",
  "SAR" : 0.137526,
  "ImageType" : [
    "ORIGINAL",
    "PRIMARY",
    "M",
    "ND",
    "MOSAIC"
  ],
  "Modality" : "MR",
  "DwellTime" : 0.000003,
  "PartialFourier" : 0.875,
  "PatientPosition" : "HFS",
  "InstitutionName" : "Instytut_Biologii_Doswiadczalnej",
  "ReceiveCoilName" : "32Ch_Head",
  "ReconMatrixPE" : 90,
  "SoftwareVersions" : "syngo_MR_B17",
  "MagneticFieldStrength" : 3,
  "EchoTime" : 0.03,
  "AcquisitionMatrixPE" : 90,
  "ScanOptions" : "PFP_FS",
  "SliceThickness" : 2,
  "PhaseEncodingSteps" : 79,
  "AcquisitionNumber" : 1,
  "InstitutionalDepartmentName" : "Department",
  "ConversionSoftwareVersion" : "v1.0.20180622 (JP2:OpenJPEG) (JP-LS:CharLS) Clang8.1.0",
  "ShimSetting" : [
    7178,
    -23786,
    18751,
    635,
    350,
    -231,
    -135,
    -49
  ],
  "InstitutionAddress" : "Pasteura_3_Warszawa_District_PL_02093",
  "MRAcquisitionType" : "2D",
  "AcquisitionTime" : "18:29:22.347500",
  "DeviceSerialNumber" : "35454",
  "TaskName" : "NumberComparison",
  "DerivedVendorReportedEchoSpacing" : 0.000690003,
  "SequenceVariant" : "SK",
  "BandwidthPerPixelPhaseEncode" : 32.206,
  "SpacingBetweenSlices" : 2.96,
  "ScanningSequence" : "EP",
  "PulseSequenceDetails" : "%SiemensSeq%_ep2d_bold",
  "InPlanePhaseEncodingDirectionDICOM" : "COL",
  "PercentPhaseFOV" : 100,
  "EffectiveEchoSpacing" : 0.000345001,
  "ProtocolName" : "ep2d_bold_1",
  "ImageOrientationPatientDICOM" : [
    0.989615,
    -0.132524,
    0.0556746,
    0.133801,
    0.9908090000000001,
    -0.0198625
  ],
  "Manufacturer" : "Siemens",
  "ParallelReductionFactorInPlane" : 2,
  "PixelBandwidth" : 1852,
  "SliceTiming" : [
    0,
    0.0625,
    0.125,
    0.1875,
    0.25,
    0.3125,
    0.375,
    0.4375,
    0.5,
    0.5625,
    0.6274999999999999,
    0.6899999999999999,
    0.7524999999999999,
    0.8149999999999999,
    0.8774999999999999,
    0.9399999999999999,
    1.0025,
    1.065,
    1.1275,
    1.19,
    1.255,
    1.3175,
    1.38,
    1.4425,
    1.505,
    1.5675,
    1.63,
    1.6925,
    1.755,
    1.8175,
    1.8825,
    1.945,
    2.0075,
    2.07,
    2.1325,
    2.195,
    2.2575,
    2.32,
    2.3825,
    2.445,
    2.5075,
    2.5725,
    2.635,
    2.6975,
    2.76,
    2.8225,
    2.885,
    2.9475
  ]
}