{
	"Modality": "MR",
	"MagneticFieldStrength": 3,
	"Manufacturer": "Siemens",
	"ManufacturersModelName": "TrioTim",
	"InstitutionName": "Instytut_Biologii_Doswiadczalnej",
	"InstitutionalDepartmentName": "Department",
	"InstitutionAddress": "Pasteura_3_Warszawa_District_PL_02093",
	"DeviceSerialNumber": "35454",
	"StationName": "MRC35454",
	"PatientPosition": "HFS",
	"ProcedureStepDescription": "HEAD_32ch_GrupaSzwed",
	"SoftwareVersions": "syngo_MR_B17",
	"MRAcquisitionType": "3D",
	"SeriesDescription": "t1_mpr_iso",
	"ProtocolName": "t1_mpr_iso",
	"ScanningSequence": "GR_IR",
	"SequenceVariant": "SP_MP",
	"ScanOptions": "IR",
	"SequenceName": "_tfl3d1_ns",
	"ImageType": ["ORIGINAL", "PRIMARY", "M", "ND", "NORM"],
	"SeriesNumber": 12,
	"AcquisitionTime": "15:20:49.952500",
	"AcquisitionNumber": 1,
	"SliceThickness": 1,
	"SAR": 0.0598201,
	"EchoTime": 0.00332,
	"RepetitionTime": 2.53,
	"InversionTime": 1.1,
	"FlipAngle": 7,
	"PartialFourier": 1,
	"BaseResolution": 256,
	"ShimSetting": [
		7163,
		-23613,
		18768,
		-69,
		180,
		48,
		-103,
		100	],
	"TxRefAmp": 311.331,
	"PhaseResolution": 1,
	"ReceiveCoilName": "32Ch_Head",
	"PulseSequenceDetails": "%SiemensSeq%_tfl",
	"PercentPhaseFOV": 100,
	"PhaseEncodingSteps": 255,
	"AcquisitionMatrixPE": 256,
	"ReconMatrixPE": 256,
	"ParallelReductionFactorInPlane": 2,
	"PixelBandwidth": 199,
	"DwellTime": 9.8e-06,
	"ImageOrientationPatientDICOM": [
		0.0183687,
		0.999831,
		3.6378e-08,
		0.0907933,
		-0.001668,
		-0.995868	],
	"InPlanePhaseEncodingDirectionDICOM": "ROW",
	"ConversionSoftware": "dcm2niix",
	"ConversionSoftwareVersion": "v1.0.20180622 (JP2:OpenJPEG) (JP-LS:CharLS) Clang8.1.0"
}
