{
  "BaseResolution" : 90,
  "PhaseResolution" : 1,
  "ProcedureStepDescription" : "HEAD_32ch_GrupaSzwed",
  "SeriesNumber" : 10,
  "TxRefAmp" : 317.046,
  "FlipAngle" : 90,
  "SeriesDescription" : "ep2d_bold_4",
  "ManufacturersModelName" : "TrioTim",
  "RepetitionTime" : 3,
  "PhaseEncodingDirection" : "j-",
  "ConversionSoftware" : "dcm2niix",
  "TotalReadoutTime" : 0.0307051,
  "SequenceName" : "_epfid2d1_90",
  "StationName" : "MRC35454",
  "SAR" : 0.118367,
  "ImageType" : [
    "ORIGINAL",
    "PRIMARY",
    "M",
    "ND",
    "MOSAIC"
  ],
  "Modality" : "MR",
  "DwellTime" : 0.000003,
  "PartialFourier" : 0.875,
  "PatientPosition" : "HFS",
  "InstitutionName" : "Instytut_Biologii_Doswiadczalnej",
  "ReceiveCoilName" : "32Ch_Head",
  "ReconMatrixPE" : 90,
  "SoftwareVersions" : "syngo_MR_B17",
  "MagneticFieldStrength" : 3,
  "EchoTime" : 0.03,
  "AcquisitionMatrixPE" : 90,
  "ScanOptions" : "PFP_FS",
  "SliceThickness" : 2,
  "PhaseEncodingSteps" : 79,
  "AcquisitionNumber" : 1,
  "InstitutionalDepartmentName" : "Department",
  "ConversionSoftwareVersion" : "v1.0.20180622 (JP2:OpenJPEG) (JP-LS:CharLS) Clang8.1.0",
  "ShimSetting" : [
    7186,
    -23720,
    19143,
    600,
    127,
    182,
    88,
    62
  ],
  "InstitutionAddress" : "Pasteura_3_Warszawa_District_PL_02093",
  "MRAcquisitionType" : "2D",
  "AcquisitionTime" : "15:19:17.630000",
  "DeviceSerialNumber" : "35454",
  "TaskName" : "NumberComparison",
  "DerivedVendorReportedEchoSpacing" : 0.000690003,
  "SequenceVariant" : "SK",
  "BandwidthPerPixelPhaseEncode" : 32.206,
  "SpacingBetweenSlices" : 2.96,
  "ScanningSequence" : "EP",
  "PulseSequenceDetails" : "%SiemensSeq%_ep2d_bold",
  "InPlanePhaseEncodingDirectionDICOM" : "COL",
  "PercentPhaseFOV" : 100,
  "EffectiveEchoSpacing" : 0.000345001,
  "ProtocolName" : "ep2d_bold_4",
  "ImageOrientationPatientDICOM" : [
    0.995551,
    -0.0930689,
    0.0146862,
    0.0888506,
    0.979207,
    0.182374
  ],
  "Manufacturer" : "Siemens",
  "ParallelReductionFactorInPlane" : 2,
  "PixelBandwidth" : 1852,
  "SliceTiming" : [
    0,
    0.0625,
    0.125,
    0.1875,
    0.2525,
    0.315,
    0.3775,
    0.44,
    0.5024999999999999,
    0.5649999999999999,
    0.6274999999999999,
    0.6899999999999999,
    0.7524999999999999,
    0.8149999999999999,
    0.88,
    0.9425,
    1.005,
    1.0675,
    1.13,
    1.1925,
    1.255,
    1.3175,
    1.38,
    1.4425,
    1.505,
    1.57,
    1.6325,
    1.695,
    1.7575,
    1.82,
    1.8825,
    1.945,
    2.0075,
    2.07,
    2.1325,
    2.1975,
    2.26,
    2.3225,
    2.385,
    2.4475,
    2.51,
    2.5725,
    2.635,
    2.6975,
    2.76,
    2.825,
    2.8875,
    2.95
  ]
}