{
	"ConversionSoftware": "dicm2nii.m 20220915",
	"SeriesNumber": 5,
	"SeriesDescription": "ep2d_bold_2",
	"ImageType": ["ORIGINAL", "PRIMARY", "M", "ND", "MOSAIC"],
	"Modality": "MR",
	"AcquisitionDateTime": "20180606153430.390000",
	"TaskName": "NumberComparison",
	"TotalReadoutTime": 0.030705114,
	"SliceTiming": [
		0,
		0.0625,
		0.125,
		0.1875,
		0.25,
		0.3125,
		0.375,
		0.4375,
		0.5,
		0.565,
		0.6275,
		0.69,
		0.7525,
		0.815,
		0.8775,
		0.94,
		1.0025,
		1.065,
		1.1275,
		1.1925,
		1.255,
		1.3175,
		1.38,
		1.4425,
		1.505,
		1.5675,
		1.63,
		1.6925,
		1.755,
		1.82,
		1.8825,
		1.945,
		2.0075,
		2.07,
		2.1325,
		2.195,
		2.2575,
		2.32,
		2.3825,
		2.445,
		2.51,
		2.5725,
		2.635,
		2.6975,
		2.76,
		2.8225,
		2.885,
		2.9475	],
	"RepetitionTime": 3,
	"ParallelReductionFactorInPlane": 2,
	"ParallelAcquisitionTechnique": "GRAPPA",
	"PhaseEncodingDirection": "j-",
	"EffectiveEchoSpacing": 0.00034500128,
	"EchoTime": 0.03,
	"SliceThickness": 2,
	"FlipAngle": 90,
	"Manufacturer": "SIEMENS",
	"SoftwareVersion": "syngo MR B17",
	"MRAcquisitionType": "2D",
	"InstitutionName": "Instytut Biologii Doswiadczalnej",
	"InstitutionAddress": "Pasteura 3,Warszawa,District,PL,02093",
	"DeviceSerialNumber": "35454",
	"ScanningSequence": "EP",
	"SequenceVariant": "SK",
	"ScanOptions": "PFP\\FS",
	"SequenceName": "*epfid2d1_90"
}
